GEM
  remote: https://rubygems.org/
  specs:
    absolute_time (1.0.0)
    actioncable (7.0.8.1)
      actionpack (= 7.0.8.1)
      activesupport (= 7.0.8.1)
      nio4r (~> 2.0)
      websocket-driver (>= 0.6.1)
    actionmailbox (7.0.8.1)
      actionpack (= 7.0.8.1)
      activejob (= 7.0.8.1)
      activerecord (= 7.0.8.1)
      activestorage (= 7.0.8.1)
      activesupport (= 7.0.8.1)
      mail (>= 2.7.1)
      net-imap
      net-pop
      net-smtp
    actionmailer (7.0.8.1)
      actionpack (= 7.0.8.1)
      actionview (= 7.0.8.1)
      activejob (= 7.0.8.1)
      activesupport (= 7.0.8.1)
      mail (~> 2.5, >= 2.5.4)
      net-imap
      net-pop
      net-smtp
      rails-dom-testing (~> 2.0)
    actionpack (7.0.8.1)
      actionview (= 7.0.8.1)
      activesupport (= 7.0.8.1)
      rack (~> 2.0, >= 2.2.4)
      rack-test (>= 0.6.3)
      rails-dom-testing (~> 2.0)
      rails-html-sanitizer (~> 1.0, >= 1.2.0)
    actiontext (7.0.8.1)
      actionpack (= 7.0.8.1)
      activerecord (= 7.0.8.1)
      activestorage (= 7.0.8.1)
      activesupport (= 7.0.8.1)
      globalid (>= 0.6.0)
      nokogiri (>= 1.8.5)
    actionview (7.0.8.1)
      activesupport (= 7.0.8.1)
      builder (~> 3.1)
      erubi (~> 1.4)
      rails-dom-testing (~> 2.0)
      rails-html-sanitizer (~> 1.1, >= 1.2.0)
    active_record_distinct_on (1.3.0)
      activerecord (>= 5.2, < 7.1)
    activejob (7.0.8.1)
      activesupport (= 7.0.8.1)
      globalid (>= 0.3.6)
    activemodel (7.0.8.1)
      activesupport (= 7.0.8.1)
    activerecord (7.0.8.1)
      activemodel (= 7.0.8.1)
      activesupport (= 7.0.8.1)
    activerecord-cte (0.3.0)
      activerecord
    activestorage (7.0.8.1)
      actionpack (= 7.0.8.1)
      activejob (= 7.0.8.1)
      activerecord (= 7.0.8.1)
      activesupport (= 7.0.8.1)
      marcel (~> 1.0)
      mini_mime (>= 1.1.0)
    activesupport (7.0.8.1)
      concurrent-ruby (~> 1.0, >= 1.0.2)
      i18n (>= 1.6, < 2)
      minitest (>= 5.1)
      tzinfo (~> 2.0)
    acts_as_list (1.0.4)
      activerecord (>= 4.2)
    addressable (2.8.6)
      public_suffix (>= 2.0.2, < 6.0)
    aes_key_wrap (1.1.0)
    after_commit_everywhere (1.3.1)
      activerecord (>= 4.2)
      activesupport
    ahoy_matey (4.1.0)
      activesupport (>= 5.2)
      device_detector
      safely_block (>= 0.2.1)
    anycable (1.2.5)
      anycable-core (= 1.2.5)
      grpc (~> 1.37)
    anycable-core (1.2.5)
      anyway_config (>= 2.1.0)
      google-protobuf (>= 3.13)
    anystyle (1.5.0)
      anystyle-data (~> 1.3)
      bibtex-ruby (~> 6.0)
      namae (~> 1.0)
      wapiti (~> 2.1)
    anystyle-data (1.3.0)
    anyway_config (2.3.1)
      ruby-next-core (>= 0.14.0)
    ast (2.4.2)
    async (1.29.0)
      console (~> 1.10)
      nio4r (~> 2.3)
      timers (~> 4.1)
    async-container (0.16.11)
      async (~> 1.0)
      async-io (~> 1.26)
    async-http (0.56.3)
      async (~> 1.25)
      async-io (~> 1.28)
      async-pool (~> 0.2)
      protocol-http (~> 0.22.0)
      protocol-http1 (~> 0.14.0)
      protocol-http2 (~> 0.14.0)
    async-http-cache (0.4.2)
      async-http (~> 0.56)
    async-io (1.32.0)
      async (~> 1.14)
    async-pool (0.3.6)
      async (~> 1.25)
    attr_required (1.0.2)
    aws-eventstream (1.3.0)
    aws-partitions (1.909.0)
    aws-sdk-core (3.191.6)
      aws-eventstream (~> 1, >= 1.3.0)
      aws-partitions (~> 1, >= 1.651.0)
      aws-sigv4 (~> 1.8)
      jmespath (~> 1, >= 1.6.1)
    aws-sdk-kms (1.78.0)
      aws-sdk-core (~> 3, >= 3.191.0)
      aws-sigv4 (~> 1.1)
    aws-sdk-s3 (1.146.1)
      aws-sdk-core (~> 3, >= 3.191.0)
      aws-sdk-kms (~> 1)
      aws-sigv4 (~> 1.8)
    aws-sigv4 (1.8.0)
      aws-eventstream (~> 1, >= 1.0.2)
    base64 (0.1.1)
    bcrypt (3.1.18)
    bibtex-ruby (6.1.0)
      latex-decode (~> 0.0)
      racc (~> 1.7)
    bigdecimal (3.1.7)
    bindata (2.5.0)
    bootsnap (1.18.3)
      msgpack (~> 1.2)
    build-environment (1.13.0)
    builder (3.2.4)
    chunky_png (1.3.15)
    closure_tree (7.4.0)
      activerecord (>= 4.2.10)
      with_advisory_lock (>= 4.0.0)
    coderay (1.1.3)
    composite_primary_keys (14.0.6)
      activerecord (~> 7.0.2)
    concurrent-ruby (1.2.3)
    connection_pool (2.4.1)
    console (1.24.0)
      fiber-annotation
      fiber-local
      json
    content_disposition (1.0.0)
    crack (1.0.0)
      bigdecimal
      rexml
    crass (1.0.6)
    csv (3.3.0)
    database_cleaner-active_record (2.0.1)
      activerecord (>= 5.a)
      database_cleaner-core (~> 2.0.0)
    database_cleaner-core (2.0.1)
    database_cleaner-redis (2.0.0)
      database_cleaner-core (~> 2.0.0)
      redis
    date (3.3.4)
    device_detector (1.0.7)
    diff-lcs (1.5.1)
    docile (1.4.0)
    domain_name (0.6.20240107)
    down (5.4.1)
      addressable (~> 2.8)
    dry-auto_inject (1.0.1)
      dry-core (~> 1.0)
      zeitwerk (~> 2.6)
    dry-configurable (1.1.0)
      dry-core (~> 1.0, < 2)
      zeitwerk (~> 2.6)
    dry-container (0.11.0)
      concurrent-ruby (~> 1.0)
    dry-core (1.0.1)
      concurrent-ruby (~> 1.0)
      zeitwerk (~> 2.6)
    dry-effects (0.4.1)
      concurrent-ruby (~> 1.0)
      dry-core (~> 1.0)
      dry-inflector (~> 1.0)
      dry-initializer (~> 3.0)
      zeitwerk (~> 2.6)
    dry-files (1.1.0)
    dry-inflector (1.0.0)
    dry-initializer (3.1.1)
    dry-logic (1.5.0)
      concurrent-ruby (~> 1.0)
      dry-core (~> 1.0, < 2)
      zeitwerk (~> 2.6)
    dry-matcher (1.0.0)
      dry-core (~> 1.0, < 2)
    dry-monads (1.6.0)
      concurrent-ruby (~> 1.0)
      dry-core (~> 1.0, < 2)
      zeitwerk (~> 2.6)
    dry-rails (0.7.0)
      dry-schema (~> 1.7)
      dry-system (~> 1.0, < 2)
      dry-validation (~> 1.5)
    dry-schema (1.13.3)
      concurrent-ruby (~> 1.0)
      dry-configurable (~> 1.0, >= 1.0.1)
      dry-core (~> 1.0, < 2)
      dry-initializer (~> 3.0)
      dry-logic (>= 1.4, < 2)
      dry-types (>= 1.7, < 2)
      zeitwerk (~> 2.6)
    dry-struct (1.6.0)
      dry-core (~> 1.0, < 2)
      dry-types (>= 1.7, < 2)
      ice_nine (~> 0.11)
      zeitwerk (~> 2.6)
    dry-system (1.0.1)
      dry-auto_inject (~> 1.0, < 2)
      dry-configurable (~> 1.0, < 2)
      dry-core (~> 1.0, < 2)
      dry-inflector (~> 1.0, < 2)
    dry-transformer (1.0.1)
      zeitwerk (~> 2.6)
    dry-types (1.7.2)
      bigdecimal (~> 3.0)
      concurrent-ruby (~> 1.0)
      dry-core (~> 1.0)
      dry-inflector (~> 1.0)
      dry-logic (~> 1.4)
      zeitwerk (~> 2.6)
    dry-validation (1.10.0)
      concurrent-ruby (~> 1.0)
      dry-core (~> 1.0, < 2)
      dry-initializer (~> 3.0)
      dry-schema (>= 1.12, < 2)
      zeitwerk (~> 2.6)
    ecma-re-validator (0.3.0)
      regexp_parser (~> 2.0)
    edtf (3.1.1)
      activesupport (>= 3.0, < 8.0)
    email_validator (2.2.4)
      activemodel
    erubi (1.12.0)
    et-orbi (1.2.11)
      tzinfo
    factory_bot (6.2.1)
      activesupport (>= 5.0.0)
    factory_bot_rails (6.2.0)
      factory_bot (~> 6.2.0)
      railties (>= 5.0.0)
    faker (2.21.0)
      i18n (>= 1.8.11, < 2)
    falcon (0.39.0)
      async (~> 1.13)
      async-container (~> 0.16.0)
      async-http (~> 0.56.0)
      async-http-cache (~> 0.4.0)
      async-io (~> 1.22)
      build-environment (~> 1.13)
      bundler
      localhost (~> 1.1)
      process-metrics (~> 0.2.0)
      rack (>= 1.0)
      samovar (~> 2.1)
    faraday (2.9.0)
      faraday-net_http (>= 2.0, < 3.2)
    faraday-follow_redirects (0.3.0)
      faraday (>= 1, < 3)
    faraday-net_http (3.1.0)
      net-http
    faraday-retry (2.2.1)
      faraday (~> 2.0)
    fastimage (2.3.1)
    ffi (1.16.3)
    ffi-compiler (1.3.2)
      ffi (>= 1.15.5)
      rake
    fiber-annotation (0.2.0)
    fiber-local (1.0.0)
    frozen_record (0.27.1)
      activemodel
    fugit (1.10.1)
      et-orbi (~> 1, >= 1.2.7)
      raabro (~> 1.4)
    geocoder (1.8.0)
    globalid (1.2.1)
      activesupport (>= 6.1)
    good_job (3.21.5)
      activejob (>= 6.0.0)
      activerecord (>= 6.0.0)
      concurrent-ruby (>= 1.0.2)
      fugit (>= 1.1)
      railties (>= 6.0.0)
      thor (>= 0.14.1)
    google-protobuf (3.25.3)
    googleapis-common-protos-types (1.14.0)
      google-protobuf (~> 3.18)
    graphql (2.1.1)
    graphql-anycable (1.1.5)
      anycable (~> 1.0)
      anyway_config (>= 1.3, < 3)
      graphql (>= 1.11, < 3)
      redis (>= 4.2.0)
    graphql-batch (0.5.4)
      graphql (>= 1.12.18, < 3)
      promise.rb (~> 0.7.2)
    graphql-client (0.21.0)
      activesupport (>= 3.0)
      graphql (>= 1.13.0)
    graphql-fragment_cache (1.19.0)
      graphql (>= 1.12.0)
      ruby-next (>= 0.10.0)
    groupdate (6.1.0)
      activesupport (>= 5.2)
    grpc (1.62.0)
      google-protobuf (~> 3.25)
      googleapis-common-protos-types (~> 1.0)
    hana (1.3.7)
    hashdiff (1.1.0)
    hashids (1.0.6)
    http (5.2.0)
      addressable (~> 2.8)
      base64 (~> 0.1)
      http-cookie (~> 1.0)
      http-form_data (~> 2.2)
      llhttp-ffi (~> 0.5.0)
    http-accept (1.7.0)
    http-cookie (1.0.5)
      domain_name (~> 0.5)
    http-form_data (2.3.0)
    i18n (1.14.4)
      concurrent-ruby (~> 1.0)
    ice_nine (0.11.2)
    image_processing (1.12.2)
      mini_magick (>= 4.9.5, < 5)
      ruby-vips (>= 2.0.17, < 3)
    iso-639 (0.3.6)
    jbuilder (2.11.5)
      actionview (>= 5.0.0)
      activesupport (>= 5.0.0)
    jmespath (1.6.2)
    job-iteration (1.4.1)
      activejob (>= 5.2)
    json (2.7.2)
    json-jwt (1.16.6)
      activesupport (>= 4.2)
      aes_key_wrap
      base64
      bindata
      faraday (~> 2.0)
      faraday-follow_redirects
    json-schema (2.8.1)
      addressable (>= 2.4)
    json_schemer (0.2.18)
      ecma-re-validator (~> 0.3)
      hana (~> 1.3)
      regexp_parser (~> 2.0)
      uri_template (~> 0.7)
    jwt (2.2.3)
    keycloak-admin (0.7.9)
      http-cookie (~> 1.0, >= 1.0.3)
      rest-client (~> 2.0)
    keycloak_rack (1.1.1)
      activesupport (>= 4.2)
      anyway_config (>= 2.1.0, < 3)
      dry-auto_inject
      dry-container
      dry-effects (>= 0.0.1)
      dry-initializer
      dry-matcher
      dry-monads (>= 1.3.5, < 2)
      dry-struct (>= 1, < 2)
      dry-types (>= 1, < 2)
      dry-validation
      jwt (>= 2.2.0, < 3)
      rack (>= 2.0.0, < 3)
      zeitwerk (>= 2.0.0, < 3)
    kramdown (2.3.2)
      rexml
    language_server-protocol (3.17.0.3)
    latex-decode (0.4.0)
    listen (3.7.1)
      rb-fsevent (~> 0.10, >= 0.10.3)
      rb-inotify (~> 0.9, >= 0.9.10)
    llhttp-ffi (0.5.0)
      ffi-compiler (~> 1.0)
      rake (~> 13.0)
    localhost (1.1.8)
    loofah (2.22.0)
      crass (~> 1.0.2)
      nokogiri (>= 1.12.0)
    mail (2.8.1)
      mini_mime (>= 0.1.1)
      net-imap
      net-pop
      net-smtp
    mapping (1.1.1)
    marcel (1.0.4)
    maxminddb (0.1.22)
    mediainfo (1.5.0)
    method_source (1.1.0)
    mime-types (3.5.2)
      mime-types-data (~> 3.2015)
    mime-types-data (3.2024.0305)
    mini_magick (4.11.0)
    mini_mime (1.1.5)
    mini_portile2 (2.8.5)
    minitest (5.22.3)
    mods (3.0.4)
      edtf (~> 3.0)
      iso-639
      nokogiri (>= 1.6.6)
      nom-xml (~> 1.0)
    msgpack (1.7.2)
    namae (1.2.0)
      racc (~> 1.7)
    naught (1.1.0)
    net-http (0.4.1)
      uri
    net-imap (0.4.10)
      date
      net-protocol
    net-pop (0.1.2)
      net-protocol
    net-protocol (0.2.2)
      timeout
    net-smtp (0.5.0)
      net-protocol
    netrc (0.11.0)
    nio4r (2.7.1)
    nokogiri (1.16.3)
      mini_portile2 (~> 2.8.2)
      racc (~> 1.4)
    nom-xml (1.2.0)
      i18n
      nokogiri
    oai (1.2.1)
      builder (>= 3.1.0)
      faraday (< 3)
      faraday-follow_redirects (>= 0.3.0, < 2)
    oily_png (1.2.1)
      chunky_png (~> 1.3.7)
    oj (3.16.3)
      bigdecimal (>= 3.0)
    openid_connect (2.3.0)
      activemodel
      attr_required (>= 1.0.0)
      email_validator
      faraday (~> 2.0)
      faraday-follow_redirects
      json-jwt (>= 1.16)
      mail
      rack-oauth2 (~> 2.2)
      swd (~> 2.0)
      tzinfo
      validate_url
      webfinger (~> 2.0)
    paco (0.2.3)
    parallel (1.24.0)
    parser (3.3.0.5)
      ast (~> 2.4.1)
      racc
    pg (1.5.6)
    pg_query (5.1.0)
      google-protobuf (>= 3.22.3)
    pghero (3.4.1)
      activerecord (>= 6)
    process-metrics (0.2.1)
      console (~> 1.8)
      samovar (~> 2.1)
    promise.rb (0.7.4)
    protocol-hpack (1.4.2)
    protocol-http (0.22.1)
    protocol-http1 (0.14.1)
      protocol-http (~> 0.22)
    protocol-http2 (0.14.2)
      protocol-hpack (~> 1.4)
      protocol-http (~> 0.18)
    pry (0.14.2)
      coderay (~> 1.1)
      method_source (~> 1.0)
    pry-rails (0.3.9)
      pry (>= 0.10.4)
    public_suffix (5.0.5)
    puma (6.4.2)
      nio4r (~> 2.0)
    pundit (2.3.1)
      activesupport (>= 3.0.0)
    pundit-matchers (1.7.0)
      rspec-rails (>= 3.0.0)
    raabro (1.4.0)
    racc (1.7.3)
    rack (2.2.9)
    rack-cors (2.0.2)
      rack (>= 2.0.0)
    rack-oauth2 (2.2.1)
      activesupport
      attr_required
      faraday (~> 2.0)
      faraday-follow_redirects
      json-jwt (>= 1.11.0)
      rack (>= 2.1.0)
    rack-test (2.1.0)
      rack (>= 1.3)
    rails (7.0.8.1)
      actioncable (= 7.0.8.1)
      actionmailbox (= 7.0.8.1)
      actionmailer (= 7.0.8.1)
      actionpack (= 7.0.8.1)
      actiontext (= 7.0.8.1)
      actionview (= 7.0.8.1)
      activejob (= 7.0.8.1)
      activemodel (= 7.0.8.1)
      activerecord (= 7.0.8.1)
      activestorage (= 7.0.8.1)
      activesupport (= 7.0.8.1)
      bundler (>= 1.15.0)
      railties (= 7.0.8.1)
    rails-dom-testing (2.2.0)
      activesupport (>= 5.0.0)
      minitest
      nokogiri (>= 1.6)
    rails-html-sanitizer (1.6.0)
      loofah (~> 2.21)
      nokogiri (~> 1.14)
    railties (7.0.8.1)
      actionpack (= 7.0.8.1)
      activesupport (= 7.0.8.1)
      method_source
      rake (>= 12.2)
      thor (~> 1.0)
      zeitwerk (~> 2.5)
    rainbow (3.1.1)
    rake (13.2.1)
    rb-fsevent (0.11.2)
    rb-inotify (0.10.1)
      ffi (~> 1.0)
    rbtree (0.4.6)
    redis (5.2.0)
      redis-client (>= 0.22.0)
    redis-client (0.22.1)
      connection_pool
    redis-objects (2.0.0.beta)
      redis (~> 5.0)
    regexp_parser (2.9.0)
    require-hooks (0.2.2)
    rest-client (2.1.0)
      http-accept (>= 1.7.0, < 2.0)
      http-cookie (>= 1.0.2, < 2.0)
      mime-types (>= 1.16, < 4.0)
      netrc (~> 0.8)
    retryable (3.0.5)
    rexml (3.2.6)
    roda (3.79.0)
      rack
    rollups (0.3.2)
      activesupport (>= 6.1)
      groupdate (>= 6.1)
    rspec (3.11.0)
      rspec-core (~> 3.11.0)
      rspec-expectations (~> 3.11.0)
      rspec-mocks (~> 3.11.0)
    rspec-collection_matchers (1.2.1)
      rspec-expectations (>= 2.99.0.beta1)
    rspec-core (3.11.0)
      rspec-support (~> 3.11.0)
    rspec-expectations (3.11.1)
      diff-lcs (>= 1.2.0, < 2.0)
      rspec-support (~> 3.11.0)
    rspec-json_expectations (2.2.0)
    rspec-mocks (3.11.2)
      diff-lcs (>= 1.2.0, < 2.0)
      rspec-support (~> 3.11.0)
    rspec-rails (5.1.2)
      actionpack (>= 5.2)
      activesupport (>= 5.2)
      railties (>= 5.2)
      rspec-core (~> 3.10)
      rspec-expectations (~> 3.10)
      rspec-mocks (~> 3.10)
      rspec-support (~> 3.10)
    rspec-support (3.11.1)
    rubocop (1.56.4)
      base64 (~> 0.1.1)
      json (~> 2.3)
      language_server-protocol (>= 3.17.0)
      parallel (~> 1.10)
      parser (>= 3.2.2.3)
      rainbow (>= 2.2.2, < 4.0)
      regexp_parser (>= 1.8, < 3.0)
      rexml (>= 3.2.5, < 4.0)
      rubocop-ast (>= 1.28.1, < 2.0)
      ruby-progressbar (~> 1.7)
      unicode-display_width (>= 2.4.0, < 3.0)
    rubocop-ast (1.31.2)
      parser (>= 3.3.0.4)
    rubocop-capybara (2.20.0)
      rubocop (~> 1.41)
    rubocop-factory_bot (2.25.1)
      rubocop (~> 1.41)
    rubocop-rails (2.21.2)
      activesupport (>= 4.2.0)
      rack (>= 1.1)
      rubocop (>= 1.33.0, < 2.0)
    rubocop-rspec (2.24.1)
      rubocop (~> 1.33)
      rubocop-capybara (~> 2.17)
      rubocop-factory_bot (~> 2.22)
    ruby-next (1.0.3)
      paco (~> 0.2)
      require-hooks (~> 0.2)
      ruby-next-core (= 1.0.3)
      ruby-next-parser (>= 3.2.2.0)
      unparser (~> 0.6.0)
    ruby-next-core (1.0.3)
    ruby-next-parser (3.2.2.0)
      parser (>= 3.0.3.1)
    ruby-prof (1.7.0)
    ruby-progressbar (1.13.0)
    ruby-vips (2.2.1)
      ffi (~> 1.12)
    safely_block (0.4.0)
    samovar (2.3.0)
      console (~> 1.0)
      mapping (~> 1.0)
    sanitize (6.1.0)
      crass (~> 1.0.2)
      nokogiri (>= 1.12.0)
    scenic (1.6.0)
      activerecord (>= 4.0.0)
      railties (>= 4.0.0)
    search_object (1.2.5)
    search_object_graphql (1.0.5)
      graphql (> 1.8)
      search_object (~> 1.2.5)
    semantic (1.6.1)
    set (1.1.0)
    shrine (3.5.0)
      content_disposition (~> 1.0)
      down (~> 5.1)
    shrine-tus (2.1.1)
      shrine (~> 3.2)
      shrine-url (~> 2.4)
      tus-server (~> 2.0)
    shrine-url (2.4.1)
      down (~> 5.0)
      http (>= 3.2, < 6)
      shrine (>= 3.0.0.rc, < 4)
    simplecov (0.22.0)
      docile (~> 1.1)
      simplecov-html (~> 0.11)
      simplecov_json_formatter (~> 0.1)
    simplecov-html (0.12.3)
    simplecov_json_formatter (0.1.4)
    sorted_set (1.0.3)
      rbtree
      set (~> 1.0)
    stackprof (0.2.26)
    statesman (12.1.0)
    store_model (2.4.0)
      activerecord (>= 5.2)
    strip_attributes (1.13.0)
      activemodel (>= 3.0, < 8.0)
    swd (2.0.3)
      activesupport (>= 3)
      attr_required (>= 0.0.5)
      faraday (~> 2.0)
      faraday-follow_redirects
    test-prof (1.3.3)
    thor (1.3.1)
    timecop (0.9.8)
    timeout (0.4.1)
    timers (4.3.5)
    tus-server (2.3.0)
      content_disposition (~> 1.0)
      roda (>= 2.27, < 4)
    tzinfo (2.0.6)
      concurrent-ruby (~> 1.0)
    unicode-display_width (2.5.0)
    unparser (0.6.13)
      diff-lcs (~> 1.3)
      parser (>= 3.3.0)
    uri (0.13.0)
    uri_template (0.7.0)
    validate_url (1.0.15)
      activemodel (>= 3.0.0)
      public_suffix
    wapiti (2.1.0)
      builder (~> 3.2)
      rexml (~> 3.0)
    webfinger (2.1.3)
      activesupport
      faraday (~> 2.0)
      faraday-follow_redirects
    webmock (3.19.1)
      addressable (>= 2.8.0)
      crack (>= 0.3.2)
      hashdiff (>= 0.4.0, < 2.0.0)
    websocket-driver (0.7.6)
      websocket-extensions (>= 0.1.0)
    websocket-extensions (0.1.5)
    with_advisory_lock (5.1.0)
      activerecord (>= 6.1)
      zeitwerk (>= 2.6)
    yard (0.9.36)
    yard-activerecord (0.0.16)
      yard (>= 0.8.3)
    yard-activesupport-concern (0.0.1)
      yard (>= 0.8)
    zaru (1.0.0)
    zeitwerk (2.6.13)

PLATFORMS
  ruby

DEPENDENCIES
  absolute_time (~> 1.0.0)
  active_record_distinct_on (~> 1.3.0)
  activerecord (~> 7.0)
  activerecord-cte (~> 0.3.0)
  activesupport (~> 7.0)
  acts_as_list (~> 1.0.4)
  addressable (>= 2.8.0)
  after_commit_everywhere (~> 1.3.1)
  ahoy_matey (~> 4.1.0)
  anystyle (~> 1.5.0)
  anyway_config (~> 2.3.0)
  aws-sdk-s3 (~> 1.146.1)
  bcrypt (~> 3.1.18)
  bootsnap (>= 1.18.3)
  closure_tree (~> 7.4.0)
  composite_primary_keys (= 14.0.6)
  content_disposition (~> 1.0.0)
  csv (~> 3.3.0)
  database_cleaner-active_record (~> 2.0.1)
  database_cleaner-redis (~> 2.0.0)
  dry-auto_inject (~> 1.0.1)
  dry-core (~> 1.0.0)
  dry-effects (~> 0.4.1)
  dry-files (~> 1.1.0)
  dry-initializer (~> 3.1.1)
  dry-matcher (~> 1.0.0)
  dry-monads (~> 1.6.0)
  dry-rails (~> 0.7.0)
  dry-schema (~> 1.13.0)
  dry-struct (~> 1.6.0)
  dry-system (~> 1.0.1)
  dry-transformer (~> 1.0)
  dry-types (~> 1.7.1)
  dry-validation (~> 1.10.0)
  factory_bot_rails (~> 6.2.0)
  faker (~> 2.21.0)
  falcon (~> 0.39.0)
  faraday (~> 2.9.0)
  faraday-follow_redirects (~> 0.3.0)
  faraday-retry (~> 2.2.1)
  fastimage (~> 2.3.1)
  ffi (~> 1.16.3)
  frozen_record (~> 0.27.1)
  geocoder (~> 1.8.0)
  good_job (~> 3.21.5)
  graphql (= 2.1.1)
  graphql-anycable (= 1.1.5)
  graphql-batch (~> 0.5.3)
  graphql-client (~> 0.21.0)
  graphql-fragment_cache (~> 1.19.0)
  groupdate (~> 6.1.0)
  hashids (~> 1.0.6)
  image_processing (~> 1.12.2)
  iso-639 (~> 0.3.6)
  jbuilder (~> 2.11.5)
  job-iteration (~> 1.4.1)
  json-schema (~> 2.8.1)
  json_schemer (~> 0.2.18)
  jwt (~> 2.2.3)
  keycloak-admin (~> 0.7.9)
  keycloak_rack (= 1.1.1)
  kramdown (~> 2.3.1)
  listen (~> 3.7.1)
  marcel (~> 1.0.4)
  maxminddb (~> 0.1.22)
  mediainfo (~> 1.5.0)
  mods (~> 3.0.4)
  namae (~> 1.2.0)
  naught (~> 1.1.0)
  nokogiri (~> 1.16.3)
  oai (~> 1.2.1)
  oily_png (~> 1.2.1)
  oj (= 3.16.3)
  openid_connect (~> 2.3.0)
  pg (~> 1.5.4)
  pg_query (~> 5.1.0)
  pghero (~> 3.4.1)
  pry (~> 0.14.2)
  pry-rails (~> 0.3.9)
  puma (~> 6.4.2)
  pundit (~> 2.3.1)
  pundit-matchers (~> 1.7.0)
  rack-cors (~> 2.0.2)
  rails (~> 7.0.8.1)
  redis (~> 5.2.0)
  redis-objects (>= 2.0.0.beta)
  retryable (~> 3.0.5)
  rollups (~> 0.3.2)
  rspec (~> 3.11.0)
  rspec-collection_matchers (~> 1.2.0)
  rspec-json_expectations (~> 2.2.0)
  rspec-rails (~> 5.1.2)
  rubocop (= 1.56.4)
  rubocop-rails (= 2.21.2)
  rubocop-rspec (= 2.24.1)
  ruby-prof (~> 1.7.0)
  sanitize (~> 6.1.0)
  scenic (~> 1.6.0)
  search_object_graphql (~> 1.0.5)
  semantic (~> 1.6.1)
  shrine (~> 3.5.0)
  shrine-tus (~> 2.1.1)
  shrine-url (~> 2.4.1)
  simplecov (~> 0.22.0)
  sorted_set (~> 1.0.3)
  stackprof (~> 0.2.25)
  statesman (~> 12.1.0)
  store_model (~> 2.4.0)
  strip_attributes (= 1.13.0)
  test-prof (~> 1.3.3)
  timecop (~> 0.9.8)
  tus-server (~> 2.3.0)
  validate_url (~> 1.0.15)
  webmock (= 3.19.1)
  yard (~> 0.9.34)
  yard-activerecord (~> 0.0.16)
  yard-activesupport-concern (~> 0.0.1)
  zaru (~> 1.0.0)

RUBY VERSION
   ruby 3.2.3p157

BUNDLED WITH
   2.5.7
