GIT
  remote: https://github.com/scryptmouse/niso-jats.git
  revision: 28bf7f7fb8a7cc1fad7d8fa801c6b37b44285cae
  specs:
    niso-jats (0.1.1)
      bigdecimal
      lutaml-model (~> 0.7)
      nokogiri
      zeitwerk (~> 2.6)

GEM
  remote: https://rubygems.org/
  specs:
    absolute_time (1.0.0)
    actioncable (7.2.2.1)
      actionpack (= 7.2.2.1)
      activesupport (= 7.2.2.1)
      nio4r (~> 2.0)
      websocket-driver (>= 0.6.1)
      zeitwerk (~> 2.6)
    actionmailbox (7.2.2.1)
      actionpack (= 7.2.2.1)
      activejob (= 7.2.2.1)
      activerecord (= 7.2.2.1)
      activestorage (= 7.2.2.1)
      activesupport (= 7.2.2.1)
      mail (>= 2.8.0)
    actionmailer (7.2.2.1)
      actionpack (= 7.2.2.1)
      actionview (= 7.2.2.1)
      activejob (= 7.2.2.1)
      activesupport (= 7.2.2.1)
      mail (>= 2.8.0)
      rails-dom-testing (~> 2.2)
    actionpack (7.2.2.1)
      actionview (= 7.2.2.1)
      activesupport (= 7.2.2.1)
      nokogiri (>= 1.8.5)
      racc
      rack (>= 2.2.4, < 3.2)
      rack-session (>= 1.0.1)
      rack-test (>= 0.6.3)
      rails-dom-testing (~> 2.2)
      rails-html-sanitizer (~> 1.6)
      useragent (~> 0.16)
    actiontext (7.2.2.1)
      actionpack (= 7.2.2.1)
      activerecord (= 7.2.2.1)
      activestorage (= 7.2.2.1)
      activesupport (= 7.2.2.1)
      globalid (>= 0.6.0)
      nokogiri (>= 1.8.5)
    actionview (7.2.2.1)
      activesupport (= 7.2.2.1)
      builder (~> 3.1)
      erubi (~> 1.11)
      rails-dom-testing (~> 2.2)
      rails-html-sanitizer (~> 1.6)
    active_record_distinct_on (1.9.0)
      activerecord (>= 6.1)
    activejob (7.2.2.1)
      activesupport (= 7.2.2.1)
      globalid (>= 0.3.6)
    activemodel (7.2.2.1)
      activesupport (= 7.2.2.1)
    activerecord (7.2.2.1)
      activemodel (= 7.2.2.1)
      activesupport (= 7.2.2.1)
      timeout (>= 0.4.0)
    activerecord-cte (0.4.0)
      activerecord
    activestorage (7.2.2.1)
      actionpack (= 7.2.2.1)
      activejob (= 7.2.2.1)
      activerecord (= 7.2.2.1)
      activesupport (= 7.2.2.1)
      marcel (~> 1.0)
    activesupport (7.2.2.1)
      base64
      benchmark (>= 0.3)
      bigdecimal
      concurrent-ruby (~> 1.0, >= 1.3.1)
      connection_pool (>= 2.2.5)
      drb
      i18n (>= 1.6, < 2)
      logger (>= 1.4.2)
      minitest (>= 5.1)
      securerandom (>= 0.3)
      tzinfo (~> 2.0, >= 2.0.5)
    acts_as_list (1.2.4)
      activerecord (>= 6.1)
      activesupport (>= 6.1)
    addressable (2.8.7)
      public_suffix (>= 2.0.2, < 7.0)
    aes_key_wrap (1.1.0)
    after_commit_everywhere (1.6.0)
      activerecord (>= 4.2)
      activesupport
    ahoy_matey (5.4.0)
      activesupport (>= 7.1)
      device_detector (>= 1)
      safely_block (>= 0.4)
    anystyle (1.6.0)
      anystyle-data (~> 1.3)
      bibtex-ruby (~> 6.0)
      namae (~> 1.0)
      wapiti (~> 2.1)
    anystyle-data (1.3.0)
    anyway_config (2.7.2)
      ruby-next-core (~> 1.0)
    ast (2.4.3)
    attr_required (1.0.2)
    aws-eventstream (1.4.0)
    aws-partitions (1.1143.0)
    aws-sdk-core (3.229.0)
      aws-eventstream (~> 1, >= 1.3.0)
      aws-partitions (~> 1, >= 1.992.0)
      aws-sigv4 (~> 1.9)
      base64
      bigdecimal
      jmespath (~> 1, >= 1.6.1)
      logger
    aws-sdk-kms (1.110.0)
      aws-sdk-core (~> 3, >= 3.228.0)
      aws-sigv4 (~> 1.5)
    aws-sdk-s3 (1.196.1)
      aws-sdk-core (~> 3, >= 3.228.0)
      aws-sdk-kms (~> 1)
      aws-sigv4 (~> 1.5)
    aws-sigv4 (1.12.1)
      aws-eventstream (~> 1, >= 1.0.2)
    base64 (0.3.0)
    bcp47_spec (0.2.1)
    bcrypt (3.1.20)
    benchmark (0.4.1)
    bibtex-ruby (6.2.0)
      latex-decode (~> 0.0)
      logger (~> 1.7)
      racc (~> 1.7)
    bigdecimal (3.2.2)
    bindata (2.5.1)
    bootsnap (1.18.6)
      msgpack (~> 1.2)
    builder (3.3.0)
    closure_tree (9.1.1)
      activerecord (>= 7.2.0)
      with_advisory_lock (>= 7.0.0)
      zeitwerk (~> 2.7)
    coderay (1.1.3)
    concurrent-ruby (1.3.5)
    connection_pool (2.5.3)
    content_disposition (1.0.0)
    crack (1.0.0)
      bigdecimal
      rexml
    crass (1.0.6)
    csv (3.3.5)
    database_cleaner-active_record (2.2.2)
      activerecord (>= 5.a)
      database_cleaner-core (~> 2.0)
    database_cleaner-core (2.0.1)
    database_cleaner-redis (2.0.0)
      database_cleaner-core (~> 2.0.0)
      redis
    date (3.4.1)
    device_detector (1.1.3)
    diff-lcs (1.6.2)
    docile (1.4.1)
    domain_name (0.6.20240107)
    down (5.4.2)
      addressable (~> 2.8)
    drb (2.2.3)
    dry-auto_inject (1.1.0)
      dry-core (~> 1.1)
      zeitwerk (~> 2.6)
    dry-configurable (1.3.0)
      dry-core (~> 1.1)
      zeitwerk (~> 2.6)
    dry-container (0.11.0)
      concurrent-ruby (~> 1.0)
    dry-core (1.1.0)
      concurrent-ruby (~> 1.0)
      logger
      zeitwerk (~> 2.6)
    dry-effects (0.5.0)
      concurrent-ruby (~> 1.0)
      dry-core (~> 1.1)
      dry-inflector (~> 1.1)
      dry-initializer (~> 3.2)
      zeitwerk (~> 2.6)
    dry-files (1.1.0)
    dry-inflector (1.2.0)
    dry-initializer (3.2.0)
    dry-logic (1.6.0)
      bigdecimal
      concurrent-ruby (~> 1.0)
      dry-core (~> 1.1)
      zeitwerk (~> 2.6)
    dry-matcher (1.0.0)
      dry-core (~> 1.0, < 2)
    dry-monads (1.9.0)
      concurrent-ruby (~> 1.0)
      dry-core (~> 1.1)
      zeitwerk (~> 2.6)
    dry-rails (0.7.0)
      dry-schema (~> 1.7)
      dry-system (~> 1.0, < 2)
      dry-validation (~> 1.5)
    dry-schema (1.14.1)
      concurrent-ruby (~> 1.0)
      dry-configurable (~> 1.0, >= 1.0.1)
      dry-core (~> 1.1)
      dry-initializer (~> 3.2)
      dry-logic (~> 1.5)
      dry-types (~> 1.8)
      zeitwerk (~> 2.6)
    dry-struct (1.8.0)
      dry-core (~> 1.1)
      dry-types (~> 1.8, >= 1.8.2)
      ice_nine (~> 0.11)
      zeitwerk (~> 2.6)
    dry-system (1.2.3)
      dry-auto_inject (~> 1.1)
      dry-configurable (~> 1.3)
      dry-core (~> 1.1)
      dry-inflector (~> 1.1)
    dry-transformer (1.0.1)
      zeitwerk (~> 2.6)
    dry-types (1.8.3)
      bigdecimal (~> 3.0)
      concurrent-ruby (~> 1.0)
      dry-core (~> 1.0)
      dry-inflector (~> 1.0)
      dry-logic (~> 1.4)
      zeitwerk (~> 2.6)
    dry-validation (1.11.1)
      concurrent-ruby (~> 1.0)
      dry-core (~> 1.1)
      dry-initializer (~> 3.2)
      dry-schema (~> 1.14)
      zeitwerk (~> 2.6)
    ecma-re-validator (0.4.0)
      regexp_parser (~> 2.2)
    edtf (3.2.0)
      activesupport (>= 3.0, < 9.0)
    email_validator (2.2.4)
      activemodel
    erb (5.0.2)
    erubi (1.13.1)
    et-orbi (1.2.11)
      tzinfo
    factory_bot (6.5.4)
      activesupport (>= 6.1.0)
    factory_bot_rails (6.5.0)
      factory_bot (~> 6.5)
      railties (>= 6.1.0)
    faker (3.5.2)
      i18n (>= 1.8.11, < 2)
    faraday (2.13.4)
      faraday-net_http (>= 2.0, < 3.5)
      json
      logger
    faraday-follow_redirects (0.3.0)
      faraday (>= 1, < 3)
    faraday-net_http (3.4.1)
      net-http (>= 0.5.0)
    faraday-retry (2.3.2)
      faraday (~> 2.0)
    ffi (1.17.2)
    ffi (1.17.2-aarch64-linux-gnu)
    ffi (1.17.2-aarch64-linux-musl)
    ffi (1.17.2-arm-linux-gnu)
    ffi (1.17.2-arm-linux-musl)
    ffi (1.17.2-arm64-darwin)
    ffi (1.17.2-x86-linux-gnu)
    ffi (1.17.2-x86_64-darwin)
    ffi (1.17.2-x86_64-linux-gnu)
    ffi (1.17.2-x86_64-linux-musl)
    ffi-compiler (1.3.2)
      ffi (>= 1.15.5)
      rake
    fiber-storage (1.0.1)
    fiddle (1.1.8)
    frozen_record (0.27.4)
      activemodel
    fugit (1.11.1)
      et-orbi (~> 1, >= 1.2.11)
      raabro (~> 1.4)
    geocoder (1.8.5)
      base64 (>= 0.1.0)
      csv (>= 3.0.0)
    get_process_mem (1.0.0)
      bigdecimal (>= 2.0)
      ffi (~> 1.0)
    globalid (1.2.1)
      activesupport (>= 6.1)
    good_job (4.11.2)
      activejob (>= 6.1.0)
      activerecord (>= 6.1.0)
      concurrent-ruby (>= 1.3.1)
      fugit (>= 1.11.0)
      railties (>= 6.1.0)
      thor (>= 1.0.0)
    google-protobuf (4.31.1)
      bigdecimal
      rake (>= 13)
    google-protobuf (4.31.1-aarch64-linux-gnu)
      bigdecimal
      rake (>= 13)
    google-protobuf (4.31.1-aarch64-linux-musl)
      bigdecimal
      rake (>= 13)
    google-protobuf (4.31.1-arm64-darwin)
      bigdecimal
      rake (>= 13)
    google-protobuf (4.31.1-x86-linux-gnu)
      bigdecimal
      rake (>= 13)
    google-protobuf (4.31.1-x86_64-darwin)
      bigdecimal
      rake (>= 13)
    google-protobuf (4.31.1-x86_64-linux-gnu)
      bigdecimal
      rake (>= 13)
    google-protobuf (4.31.1-x86_64-linux-musl)
      bigdecimal
      rake (>= 13)
    graphql (2.5.11)
      base64
      fiber-storage
      logger
    graphql-batch (0.6.0)
      graphql (>= 1.12.18, < 3)
      promise.rb (~> 0.7.2)
    graphql-client (0.26.0)
      activesupport (>= 3.0)
      graphql (>= 1.13.0)
    graphql-fragment_cache (1.22.2)
      graphql (>= 2.1.4)
    groupdate (6.7.0)
      activesupport (>= 7.1)
    hana (1.3.7)
    hashdiff (1.2.0)
    hashids (1.0.6)
    htmlbeautifier (1.4.3)
    htmlentities (4.3.4)
    http (5.3.1)
      addressable (~> 2.8)
      http-cookie (~> 1.0)
      http-form_data (~> 2.2)
      llhttp-ffi (~> 0.5.0)
    http-accept (1.7.0)
    http-cookie (1.0.8)
      domain_name (~> 0.5)
    http-form_data (2.3.0)
    i18n (1.14.7)
      concurrent-ruby (~> 1.0)
    ice_nine (0.11.2)
    image_processing (1.14.0)
      mini_magick (>= 4.9.5, < 6)
      ruby-vips (>= 2.0.17, < 3)
    io-console (0.8.1)
    irb (1.15.2)
      pp (>= 0.6.0)
      rdoc (>= 4.0.0)
      reline (>= 0.4.2)
    iso-639 (0.3.8)
      csv
    jbuilder (2.13.0)
      actionview (>= 5.0.0)
      activesupport (>= 5.0.0)
    jmespath (1.6.2)
    job-iteration (1.11.0)
      activejob (>= 6.1)
    json (2.13.2)
    json-canonicalization (1.0.0)
    json-jwt (1.16.7)
      activesupport (>= 4.2)
      aes_key_wrap
      base64
      bindata
      faraday (~> 2.0)
      faraday-follow_redirects
    json-ld (3.3.2)
      htmlentities (~> 4.3)
      json-canonicalization (~> 1.0)
      link_header (~> 0.0, >= 0.0.8)
      multi_json (~> 1.15)
      rack (>= 2.2, < 4)
      rdf (~> 3.3)
      rexml (~> 3.2)
    json-schema (2.8.1)
      addressable (>= 2.4)
    json_schemer (0.2.25)
      ecma-re-validator (~> 0.3)
      hana (~> 1.3)
      regexp_parser (~> 2.0)
      simpleidn (~> 0.2)
      uri_template (~> 0.7)
    jwt (2.8.2)
      base64
    keycloak-admin (1.1.3)
      http-cookie (~> 1.0, >= 1.0.3)
      rest-client (~> 2.0)
    keycloak_rack (1.2.0)
      activesupport (>= 4.2)
      anyway_config (>= 2.1.0, < 3)
      dry-auto_inject
      dry-container
      dry-effects (>= 0.0.1)
      dry-initializer
      dry-matcher
      dry-monads (>= 1.3.5, < 2)
      dry-struct (>= 1, < 2)
      dry-types (>= 1, < 2)
      dry-validation
      jwt (>= 2.2.0, < 3)
      rack (>= 2.0.0, < 4)
      zeitwerk (>= 2.0.0, < 3)
    kramdown (2.5.1)
      rexml (>= 3.3.9)
    language_server-protocol (3.17.0.5)
    latex-decode (0.4.0)
    link-header-parser (7.0.1)
      addressable (~> 2.8)
    link_header (0.0.8)
    lint_roller (1.1.0)
    liquid (5.8.7)
      bigdecimal
      strscan (>= 3.1.1)
    listen (3.9.0)
      rb-fsevent (~> 0.10, >= 0.10.3)
      rb-inotify (~> 0.9, >= 0.9.10)
    llhttp-ffi (0.5.1)
      ffi-compiler (~> 1.0)
      rake (~> 13.0)
    logger (1.7.0)
    loofah (2.24.1)
      crass (~> 1.0.2)
      nokogiri (>= 1.12.0)
    lutaml-model (0.7.7)
      moxml (>= 0.1.2)
      thor
    lutaml-xsd (1.0.4)
      lutaml-model (~> 0.7)
      zeitwerk
    mail (2.8.1)
      mini_mime (>= 0.1.1)
      net-imap
      net-pop
      net-smtp
    marcel (1.0.4)
    maxminddb (0.1.22)
    mediainfo (1.5.0)
    method_source (1.1.0)
    mime-types (3.7.0)
      logger
      mime-types-data (~> 3.2025, >= 3.2025.0507)
    mime-types-data (3.2025.0805)
    mini_magick (5.3.0)
      logger
    mini_mime (1.1.5)
    mini_portile2 (2.8.9)
    minitest (5.25.5)
    mods (3.0.5)
      csv (~> 3.3)
      edtf (~> 3.0)
      iso-639
      nokogiri (>= 1.6.6)
      nom-xml (~> 1.0)
    moxml (0.1.6)
    msgpack (1.8.0)
    multi_json (1.17.0)
    mustermann (3.0.4)
      ruby2_keywords (~> 0.0.1)
    namae (1.2.0)
      racc (~> 1.7)
    naught (1.1.0)
    net-http (0.6.0)
      uri
    net-imap (0.5.9)
      date
      net-protocol
    net-pop (0.1.2)
      net-protocol
    net-protocol (0.2.2)
      timeout
    net-smtp (0.5.1)
      net-protocol
    netrc (0.11.0)
    nio4r (2.7.4)
    nokogiri (1.18.9)
      mini_portile2 (~> 2.8.2)
      racc (~> 1.4)
    nokogiri (1.18.9-aarch64-linux-gnu)
      racc (~> 1.4)
    nokogiri (1.18.9-aarch64-linux-musl)
      racc (~> 1.4)
    nokogiri (1.18.9-arm-linux-gnu)
      racc (~> 1.4)
    nokogiri (1.18.9-arm-linux-musl)
      racc (~> 1.4)
    nokogiri (1.18.9-arm64-darwin)
      racc (~> 1.4)
    nokogiri (1.18.9-x86_64-darwin)
      racc (~> 1.4)
    nokogiri (1.18.9-x86_64-linux-gnu)
      racc (~> 1.4)
    nokogiri (1.18.9-x86_64-linux-musl)
      racc (~> 1.4)
    nom-xml (1.2.0)
      i18n
      nokogiri
    oai (1.3.0)
      builder (>= 3.1.0)
      faraday (< 3)
      faraday-follow_redirects (>= 0.3.0, < 2)
      rexml
    oj (3.16.11)
      bigdecimal (>= 3.0)
      ostruct (>= 0.2)
    openid_connect (2.3.1)
      activemodel
      attr_required (>= 1.0.0)
      email_validator
      faraday (~> 2.0)
      faraday-follow_redirects
      json-jwt (>= 1.16)
      mail
      rack-oauth2 (~> 2.2)
      swd (~> 2.0)
      tzinfo
      validate_url
      webfinger (~> 2.0)
    ostruct (0.6.3)
    ox (2.14.23)
      bigdecimal (>= 3.0)
    parallel (1.27.0)
    parser (3.3.9.0)
      ast (~> 2.4.1)
      racc
    pg (1.6.1)
    pg (1.6.1-aarch64-linux)
    pg (1.6.1-aarch64-linux-musl)
    pg (1.6.1-arm64-darwin)
    pg (1.6.1-x86_64-darwin)
    pg (1.6.1-x86_64-linux)
    pg (1.6.1-x86_64-linux-musl)
    pg_query (6.1.0)
      google-protobuf (>= 3.25.3)
    pg_search (2.3.7)
      activerecord (>= 6.1)
      activesupport (>= 6.1)
    pghero (3.7.0)
      activerecord (>= 7.1)
    pp (0.6.2)
      prettyprint
    prettyprint (0.2.0)
    prism (1.4.0)
    promise.rb (0.7.4)
    pry (0.15.2)
      coderay (~> 1.1)
      method_source (~> 1.0)
    pry-rails (0.3.11)
      pry (>= 0.13.0)
    psych (5.2.6)
      date
      stringio
    public_suffix (6.0.2)
    puma (6.6.1)
      nio4r (~> 2.0)
    puma-rufus-scheduler (0.1.0)
    puma_worker_killer (1.0.0)
      bigdecimal (>= 2.0)
      get_process_mem (>= 0.2)
      puma (>= 2.7)
    pundit (2.5.0)
      activesupport (>= 3.0.0)
    pundit-matchers (4.0.0)
      rspec-core (~> 3.12)
      rspec-expectations (~> 3.12)
      rspec-mocks (~> 3.12)
      rspec-support (~> 3.12)
    raabro (1.4.0)
    racc (1.8.1)
    rack (3.1.16)
    rack-cors (3.0.0)
      logger
      rack (>= 3.0.14)
    rack-oauth2 (2.2.1)
      activesupport
      attr_required
      faraday (~> 2.0)
      faraday-follow_redirects
      json-jwt (>= 1.11.0)
      rack (>= 2.1.0)
    rack-protection (4.1.1)
      base64 (>= 0.1.0)
      logger (>= 1.6.0)
      rack (>= 3.0.0, < 4)
    rack-session (2.1.1)
      base64 (>= 0.1.0)
      rack (>= 3.0.0)
    rack-test (2.2.0)
      rack (>= 1.3)
    rackup (2.2.1)
      rack (>= 3)
    rails (7.2.2.1)
      actioncable (= 7.2.2.1)
      actionmailbox (= 7.2.2.1)
      actionmailer (= 7.2.2.1)
      actionpack (= 7.2.2.1)
      actiontext (= 7.2.2.1)
      actionview (= 7.2.2.1)
      activejob (= 7.2.2.1)
      activemodel (= 7.2.2.1)
      activerecord (= 7.2.2.1)
      activestorage (= 7.2.2.1)
      activesupport (= 7.2.2.1)
      bundler (>= 1.15.0)
      railties (= 7.2.2.1)
    rails-dom-testing (2.3.0)
      activesupport (>= 5.0.0)
      minitest
      nokogiri (>= 1.6)
    rails-html-sanitizer (1.6.2)
      loofah (~> 2.21)
      nokogiri (>= 1.15.7, != 1.16.7, != 1.16.6, != 1.16.5, != 1.16.4, != 1.16.3, != 1.16.2, != 1.16.1, != 1.16.0.rc1, != 1.16.0)
    railties (7.2.2.1)
      actionpack (= 7.2.2.1)
      activesupport (= 7.2.2.1)
      irb (~> 1.13)
      rackup (>= 1.0.0)
      rake (>= 12.2)
      thor (~> 1.0, >= 1.2.2)
      zeitwerk (~> 2.6)
    rainbow (3.1.1)
    rake (13.3.0)
    rb-fsevent (0.11.2)
    rb-inotify (0.11.1)
      ffi (~> 1.0)
    rbtree (0.4.6)
    rdf (3.3.4)
      bcp47_spec (~> 0.2)
      bigdecimal (~> 3.1, >= 3.1.5)
      link_header (~> 0.0, >= 0.0.8)
      logger (~> 1.5)
      ostruct (~> 0.6)
      readline (~> 0.0)
    rdoc (6.14.2)
      erb
      psych (>= 4.0.0)
    readline (0.0.4)
      reline
    redcarpet (3.6.1)
    redis (5.4.1)
      redis-client (>= 0.22.0)
    redis-client (0.25.1)
      connection_pool
    redis-objects (2.0.0.beta)
      redis (~> 5.0)
    regexp_parser (2.11.0)
    reline (0.6.2)
      io-console (~> 0.5)
    rest-client (2.1.0)
      http-accept (>= 1.7.0, < 2.0)
      http-cookie (>= 1.0.2, < 2.0)
      mime-types (>= 1.16, < 4.0)
      netrc (~> 0.8)
    retryable (3.0.5)
    reverse_markdown (3.0.0)
      nokogiri
    rexml (3.4.1)
    roda (3.94.0)
      rack
    rspec (3.13.1)
      rspec-core (~> 3.13.0)
      rspec-expectations (~> 3.13.0)
      rspec-mocks (~> 3.13.0)
    rspec-collection_matchers (1.2.1)
      rspec-expectations (>= 2.99.0.beta1)
    rspec-core (3.13.5)
      rspec-support (~> 3.13.0)
    rspec-expectations (3.13.5)
      diff-lcs (>= 1.2.0, < 2.0)
      rspec-support (~> 3.13.0)
    rspec-json_expectations (2.2.0)
    rspec-mocks (3.13.5)
      diff-lcs (>= 1.2.0, < 2.0)
      rspec-support (~> 3.13.0)
    rspec-rails (8.0.1)
      actionpack (>= 7.2)
      activesupport (>= 7.2)
      railties (>= 7.2)
      rspec-core (~> 3.13)
      rspec-expectations (~> 3.13)
      rspec-mocks (~> 3.13)
      rspec-support (~> 3.13)
    rspec-support (3.13.4)
    rubocop (1.79.2)
      json (~> 2.3)
      language_server-protocol (~> 3.17.0.2)
      lint_roller (~> 1.1.0)
      parallel (~> 1.10)
      parser (>= 3.3.0.2)
      rainbow (>= 2.2.2, < 4.0)
      regexp_parser (>= 2.9.3, < 3.0)
      rubocop-ast (>= 1.46.0, < 2.0)
      ruby-progressbar (~> 1.7)
      unicode-display_width (>= 2.4.0, < 4.0)
    rubocop-ast (1.46.0)
      parser (>= 3.3.7.2)
      prism (~> 1.4)
    rubocop-factory_bot (2.27.1)
      lint_roller (~> 1.1)
      rubocop (~> 1.72, >= 1.72.1)
    rubocop-rails (2.32.0)
      activesupport (>= 4.2.0)
      lint_roller (~> 1.1)
      rack (>= 1.1)
      rubocop (>= 1.75.0, < 2.0)
      rubocop-ast (>= 1.44.0, < 2.0)
    rubocop-rspec (3.6.0)
      lint_roller (~> 1.1)
      rubocop (~> 1.72, >= 1.72.1)
    rubocop-rspec_rails (2.31.0)
      lint_roller (~> 1.1)
      rubocop (~> 1.72, >= 1.72.1)
      rubocop-rspec (~> 3.5)
    ruby-limiter (2.3.0)
    ruby-next-core (1.1.2)
    ruby-prof (1.7.2)
      base64
    ruby-progressbar (1.13.0)
    ruby-vips (2.2.4)
      ffi (~> 1.12)
      logger
    ruby2_keywords (0.0.5)
    rufus-scheduler (3.9.2)
      fugit (~> 1.1, >= 1.11.1)
    safely_block (0.5.0)
    sanitize (7.0.0)
      crass (~> 1.0.2)
      nokogiri (>= 1.16.8)
    scenic (1.9.0)
      activerecord (>= 4.0.0)
      railties (>= 4.0.0)
    search_object (1.2.5)
    search_object_graphql (1.0.5)
      graphql (> 1.8)
      search_object (~> 1.2.5)
    securerandom (0.4.1)
    semantic (1.6.1)
    set (1.1.2)
    shale (1.2.2)
      bigdecimal
    shrine (3.6.0)
      content_disposition (~> 1.0)
      down (~> 5.1)
    shrine-tus (2.1.1)
      shrine (~> 3.2)
      shrine-url (~> 2.4)
      tus-server (~> 2.0)
    shrine-url (2.4.1)
      down (~> 5.0)
      http (>= 3.2, < 6)
      shrine (>= 3.0.0.rc, < 4)
    simplecov (0.22.0)
      docile (~> 1.1)
      simplecov-html (~> 0.11)
      simplecov_json_formatter (~> 0.1)
    simplecov-html (0.13.2)
    simplecov_json_formatter (0.1.4)
    simpleidn (0.2.3)
    sinatra (4.1.1)
      logger (>= 1.6.0)
      mustermann (~> 3.0)
      rack (>= 3.0.0, < 4)
      rack-protection (= 4.1.1)
      rack-session (>= 2.0.0, < 3)
      tilt (~> 2.0)
    sinatra-contrib (4.1.1)
      multi_json (>= 0.0.2)
      mustermann (~> 3.0)
      rack-protection (= 4.1.1)
      sinatra (= 4.1.1)
      tilt (~> 2.0)
    sorted_set (1.0.3)
      rbtree
      set (~> 1.0)
    stackprof (0.2.27)
    statesman (12.1.0)
    store_model (4.3.0)
      activerecord (>= 7.0)
    stringio (3.1.7)
    strip_attributes (2.0.0)
      activemodel (>= 3.0, < 9.0)
    strscan (3.1.5)
    sucker_punch (3.2.0)
      concurrent-ruby (~> 1.0)
    swd (2.0.3)
      activesupport (>= 3)
      attr_required (>= 0.0.5)
      faraday (~> 2.0)
      faraday-follow_redirects
    syslog (0.3.0)
      logger
    test-prof (1.4.4)
    thor (1.4.0)
    tilt (2.6.1)
    timecop (0.9.10)
    timeout (0.4.3)
    tomlib (0.7.3)
      bigdecimal
    tus-server (2.3.0)
      content_disposition (~> 1.0)
      roda (>= 2.27, < 4)
    tzinfo (2.0.6)
      concurrent-ruby (~> 1.0)
    unicode-display_width (3.1.4)
      unicode-emoji (~> 4.0, >= 4.0.4)
    unicode-emoji (4.0.4)
    uri (1.0.3)
    uri_template (0.7.0)
    useragent (0.16.11)
    validate_url (1.0.15)
      activemodel (>= 3.0.0)
      public_suffix
    wapiti (2.1.0)
      builder (~> 3.2)
      rexml (~> 3.0)
    webfinger (2.1.3)
      activesupport
      faraday (~> 2.0)
      faraday-follow_redirects
    webmock (3.25.1)
      addressable (>= 2.8.0)
      crack (>= 0.3.2)
      hashdiff (>= 0.4.0, < 2.0.0)
    websocket-driver (0.8.0)
      base64
      websocket-extensions (>= 0.1.0)
    websocket-extensions (0.1.5)
    with_advisory_lock (7.0.1)
      activerecord (>= 7.2)
      zeitwerk (>= 2.7)
    yard (0.9.37)
    yard-activerecord (0.0.17)
      activesupport
      yard (>= 0.8.3)
    yard-activesupport-concern (0.0.1)
      yard (>= 0.8)
    zaru (1.0.0)
    zeitwerk (2.7.3)

PLATFORMS
  aarch64-linux
  aarch64-linux-gnu
  aarch64-linux-musl
  arm-linux-gnu
  arm-linux-musl
  arm64-darwin
  ruby
  x86-linux
  x86_64-darwin
  x86_64-linux
  x86_64-linux-gnu
  x86_64-linux-musl

DEPENDENCIES
  absolute_time (~> 1.0.0)
  active_record_distinct_on (= 1.9.0)
  activerecord (~> 7.2)
  activerecord-cte (~> 0.4.0)
  activesupport (~> 7.2)
  acts_as_list (~> 1.2.4)
  addressable (>= 2.8.0)
  after_commit_everywhere (~> 1.6.0)
  ahoy_matey (~> 5.4.0)
  anystyle (~> 1.6.0)
  anyway_config (~> 2.7.2)
  aws-sdk-s3 (~> 1.196.1)
  bcrypt (~> 3.1.20)
  bootsnap (>= 1.18.6)
  closure_tree (~> 9.1.1)
  content_disposition (~> 1.0.0)
  csv (~> 3.3.5)
  database_cleaner-active_record (~> 2.2.2)
  database_cleaner-redis (~> 2.0.0)
  down (~> 5.4.2)
  dry-auto_inject (~> 1.1.0)
  dry-core (~> 1.1.0)
  dry-effects (~> 0.5.0)
  dry-files (~> 1.1.0)
  dry-initializer (~> 3.2.0)
  dry-logic (~> 1.6.0)
  dry-matcher (~> 1.0.0)
  dry-monads (~> 1.9.0)
  dry-rails (~> 0.7.0)
  dry-schema (~> 1.14.1)
  dry-struct (~> 1.8.0)
  dry-system (~> 1.2.3)
  dry-transformer (~> 1.0)
  dry-types (~> 1.8.3)
  dry-validation (~> 1.11.1)
  factory_bot_rails (~> 6.5.0)
  faker (~> 3.5.2)
  faraday (~> 2.13.4)
  faraday-follow_redirects (~> 0.3.0)
  faraday-retry (~> 2.3.2)
  ffi (~> 1.17.2)
  fiddle (~> 1.1.8)
  frozen_record (~> 0.27.1)
  fugit (~> 1.11.1)
  geocoder (~> 1.8.0)
  good_job (~> 4.11.1)
  graphql (= 2.5.11)
  graphql-batch (~> 0.6.0)
  graphql-client (~> 0.26.0)
  graphql-fragment_cache (~> 1.22.0)
  groupdate (~> 6.7.0)
  hashids (~> 1.0.6)
  htmlbeautifier (~> 1.4.3)
  image_processing (~> 1.14.0)
  iso-639 (~> 0.3.8)
  jbuilder (~> 2.13.0)
  job-iteration (~> 1.11.0)
  json-ld (~> 3.3.2)
  json-schema (~> 2.8.1)
  json_schemer (~> 0.2.18)
  jwt (~> 2.8.2)
  keycloak-admin (~> 1.1.3)
  keycloak_rack (= 1.2.0)
  kramdown (~> 2.5.1)
  link-header-parser (~> 7.0.1)
  liquid (~> 5.8.1)
  listen (~> 3.9.0)
  lutaml-model (~> 0.7.3)
  lutaml-xsd (~> 1.0.3)
  marcel (~> 1.0.4)
  maxminddb (~> 0.1.22)
  mediainfo (~> 1.5.0)
  mods (~> 3.0.4)
  namae (~> 1.2.0)
  naught (~> 1.1.0)
  niso-jats!
  nokogiri (~> 1.18.9)
  oai (~> 1.3.0)
  oj (= 3.16.11)
  openid_connect (~> 2.3.0)
  ostruct (~> 0.6.2)
  ox (~> 2.14.18)
  pg (~> 1.6.1)
  pg_query (~> 6.1.0)
  pg_search (~> 2.3.7)
  pghero (~> 3.7.0)
  pry (~> 0.15.2)
  pry-rails (~> 0.3.11)
  puma (~> 6.6.0)
  puma-rufus-scheduler (~> 0.1.0)
  puma_worker_killer (~> 1.0.0)
  pundit (~> 2.5.0)
  pundit-matchers (~> 4.0.0)
  rack (~> 3.1.16)
  rack-cors (~> 3.0.0)
  rails (= 7.2.2.1)
  redcarpet (~> 3.6.0)
  redis (~> 5.4.1)
  redis-objects (>= 2.0.0.beta)
  retryable (~> 3.0.5)
  reverse_markdown (~> 3.0.0)
  rspec (~> 3.13.1)
  rspec-collection_matchers (~> 1.2.0)
  rspec-json_expectations (~> 2.2.0)
  rspec-rails (~> 8.0.1)
  rubocop (= 1.79.2)
  rubocop-factory_bot (= 2.27.1)
  rubocop-rails (= 2.32.0)
  rubocop-rspec (= 3.6.0)
  rubocop-rspec_rails (= 2.31.0)
  ruby-limiter (~> 2.3.0)
  ruby-prof (~> 1.7.2)
  rufus-scheduler (~> 3.9.2)
  sanitize (~> 7.0.0)
  scenic (~> 1.9.0)
  search_object_graphql (~> 1.0.5)
  semantic (~> 1.6.1)
  set (~> 1.1.2)
  shale (~> 1.2.1)
  shrine (~> 3.6.0)
  shrine-tus (~> 2.1.1)
  shrine-url (~> 2.4.1)
  simplecov (~> 0.22.0)
  sinatra (~> 4.1.1)
  sinatra-contrib (~> 4.1.1)
  sorted_set (~> 1.0.3)
  stackprof (~> 0.2.25)
  statesman (~> 12.1.0)
  store_model (~> 4.3.0)
  stringio (~> 3.1.7)
  strip_attributes (~> 2.0.0)
  sucker_punch (~> 3.2.0)
  syslog (~> 0.3.0)
  test-prof (~> 1.4.4)
  timecop (~> 0.9.8)
  tomlib (~> 0.7.2)
  tus-server (~> 2.3.0)
  validate_url (~> 1.0.15)
  webmock (= 3.25.1)
  with_advisory_lock (~> 7.0.1)
  yard (~> 0.9.34)
  yard-activerecord (~> 0.0.16)
  yard-activesupport-concern (~> 0.0.1)
  zaru (~> 1.0.0)

RUBY VERSION
   ruby 3.4.4p34

BUNDLED WITH
   2.7.1
